GEM
  remote: https://rubygems.org/
  specs:
    pg (0.21.0)
    puma (3.4.0)
    rack (1.6.4)

PLATFORMS
  ruby

DEPENDENCIES
  pg
  puma
  rack

BUNDLED WITH
   1.15.0
